GIT
  remote: https://github.com/mbobin/isbn_extractor.git
  revision: c2d9ef383a1b39f0ba9efdc59c78e6b3639ef5db
  specs:
    isbn_extractor (0.0.1)
      concurrent-ruby (~> 1.0, >= 1.0.2)
      epub-parser (~> 0.2, >= 0.2.6)
      henkei (~> 1.14, >= 1.14.3)
      mime-types
      pdf-reader (~> 2.0)

GIT
  remote: https://github.com/untitledkingdom/mina-puma.git
  revision: 120b72a889cc977a1572218a4e7b9b71036e0f8d
  specs:
    mina-puma (1.1.0)
      mina (~> 1.2.0)
      puma (>= 2.13)

GEM
  remote: https://rubygems.org/
  specs:
    Ascii85 (1.0.3)
    actioncable (5.2.0.rc1)
      actionpack (= 5.2.0.rc1)
      nio4r (~> 2.0)
      websocket-driver (>= 0.6.1)
    actionmailer (5.2.0.rc1)
      actionpack (= 5.2.0.rc1)
      actionview (= 5.2.0.rc1)
      activejob (= 5.2.0.rc1)
      mail (~> 2.5, >= 2.5.4)
      rails-dom-testing (~> 2.0)
    actionpack (5.2.0.rc1)
      actionview (= 5.2.0.rc1)
      activesupport (= 5.2.0.rc1)
      rack (~> 2.0)
      rack-test (>= 0.6.3)
      rails-dom-testing (~> 2.0)
      rails-html-sanitizer (~> 1.0, >= 1.0.2)
    actionview (5.2.0.rc1)
      activesupport (= 5.2.0.rc1)
      builder (~> 3.1)
      erubi (~> 1.4)
      rails-dom-testing (~> 2.0)
      rails-html-sanitizer (~> 1.0, >= 1.0.3)
    activejob (5.2.0.rc1)
      activesupport (= 5.2.0.rc1)
      globalid (>= 0.3.6)
    activemodel (5.2.0.rc1)
      activesupport (= 5.2.0.rc1)
    activerecord (5.2.0.rc1)
      activemodel (= 5.2.0.rc1)
      activesupport (= 5.2.0.rc1)
      arel (>= 9.0)
    activestorage (5.2.0.rc1)
      actionpack (= 5.2.0.rc1)
      activerecord (= 5.2.0.rc1)
      marcel (~> 0.3.1)
    activesupport (5.2.0.rc1)
      concurrent-ruby (~> 1.0, >= 1.0.2)
      i18n (~> 0.7)
      minitest (~> 5.1)
      tzinfo (~> 1.1)
    addressable (2.5.2)
      public_suffix (>= 2.0.2, < 4.0)
    afm (0.2.2)
    archive-zip (0.11.0)
      io-like (~> 0.3.0)
    arel (9.0.0)
    autoprefixer-rails (8.1.0)
      execjs
    bindex (0.5.0)
    bootsnap (1.1.8)
      msgpack (~> 1.0)
    bootstrap (4.0.0)
      autoprefixer-rails (>= 6.0.3)
      popper_js (>= 1.12.9, < 2)
      sass (>= 3.5.2)
    builder (3.2.3)
    byebug (10.0.0)
    coderay (1.1.2)
    coffee-rails (4.2.2)
      coffee-script (>= 2.2.0)
      railties (>= 4.0.0)
    coffee-script (2.4.1)
      coffee-script-source
      execjs
    coffee-script-source (1.12.2)
    concurrent-ruby (1.0.5)
    crass (1.0.3)
    delayed_job (4.1.4)
      activesupport (>= 3.0, < 5.2)
    delayed_job_active_record (4.1.2)
      activerecord (>= 3.0, < 5.2)
      delayed_job (>= 3.0, < 5)
    epub-cfi (0.1.1)
    epub-parser (0.3.5)
      addressable (>= 2.3.5)
      archive-zip
      epub-cfi
      nokogiri (>= 1.6.0, < 1.9)
      rchardet (>= 1.6.1)
    erubi (1.7.1)
    execjs (2.7.0)
    ffi (1.9.23)
    globalid (0.4.1)
      activesupport (>= 4.2.0)
    hashery (2.1.2)
    henkei (1.17.4)
      json (>= 1.8, < 3)
      mime-types (>= 1.23, < 4)
    i18n (0.9.5)
      concurrent-ruby (~> 1.0)
    io-like (0.3.0)
    jquery-rails (4.3.1)
      rails-dom-testing (>= 1, < 3)
      railties (>= 4.2.0)
      thor (>= 0.14, < 2.0)
    json (2.1.0)
    listen (3.1.5)
      rb-fsevent (~> 0.9, >= 0.9.4)
      rb-inotify (~> 0.9, >= 0.9.7)
      ruby_dep (~> 1.2)
    loofah (2.2.0)
      crass (~> 1.0.2)
      nokogiri (>= 1.5.9)
    mail (2.7.0)
      mini_mime (>= 0.1.1)
    marcel (0.3.1)
      mimemagic (~> 0.3.2)
    method_source (0.9.0)
    mime-types (3.1)
      mime-types-data (~> 3.2015)
    mime-types-data (3.2016.0521)
    mimemagic (0.3.2)
    mina (1.2.3)
      open4 (~> 1.3.4)
      rake
    mini_mime (1.0.0)
    mini_portile2 (2.3.0)
    minitest (5.11.3)
    msgpack (1.2.4)
    nio4r (2.2.0)
    nokogiri (1.8.2)
      mini_portile2 (~> 2.3.0)
    octicons (5.2.0)
      nokogiri (>= 1.6.3.1)
    octicons_helper (4.2.0)
      octicons (= 5.2.0)
      rails
    open4 (1.3.4)
    pdf-reader (2.1.0)
      Ascii85 (~> 1.0.0)
      afm (~> 0.2.1)
      hashery (~> 2.0)
      ruby-rc4
      ttfunk
    pg (1.0.0)
    pg_search (2.1.2)
      activerecord (>= 4.2)
      activesupport (>= 4.2)
      arel (>= 6)
    popper_js (1.12.9)
    pry (0.11.3)
      coderay (~> 1.1.0)
      method_source (~> 0.9.0)
    public_suffix (3.0.2)
    puma (3.11.3)
    rack (2.0.4)
    rack-test (0.8.3)
      rack (>= 1.0, < 3)
    rails (5.2.0.rc1)
      actioncable (= 5.2.0.rc1)
      actionmailer (= 5.2.0.rc1)
      actionpack (= 5.2.0.rc1)
      actionview (= 5.2.0.rc1)
      activejob (= 5.2.0.rc1)
      activemodel (= 5.2.0.rc1)
      activerecord (= 5.2.0.rc1)
      activestorage (= 5.2.0.rc1)
      activesupport (= 5.2.0.rc1)
      bundler (>= 1.3.0)
      railties (= 5.2.0.rc1)
      sprockets-rails (>= 2.0.0)
    rails-dom-testing (2.0.3)
      activesupport (>= 4.2.0)
      nokogiri (>= 1.6)
    rails-html-sanitizer (1.0.3)
      loofah (~> 2.0)
    railties (5.2.0.rc1)
      actionpack (= 5.2.0.rc1)
      activesupport (= 5.2.0.rc1)
      method_source
      rake (>= 0.8.7)
      thor (>= 0.18.1, < 2.0)
    rake (12.3.0)
    rb-fsevent (0.10.3)
    rb-inotify (0.9.10)
      ffi (>= 0.5.0, < 2)
    rchardet (1.7.0)
    ruby-rc4 (0.1.5)
    ruby_dep (1.5.0)
    sass (3.5.5)
      sass-listen (~> 4.0.0)
    sass-listen (4.0.0)
      rb-fsevent (~> 0.9, >= 0.9.4)
      rb-inotify (~> 0.9, >= 0.9.7)
    sass-rails (5.0.7)
      railties (>= 4.0.0, < 6)
      sass (~> 3.1)
      sprockets (>= 2.8, < 4.0)
      sprockets-rails (>= 2.0, < 4.0)
      tilt (>= 1.1, < 3)
    spring (2.0.2)
      activesupport (>= 4.2)
    spring-watcher-listen (2.0.1)
      listen (>= 2.7, < 4.0)
      spring (>= 1.2, < 3.0)
    sprockets (3.7.1)
      concurrent-ruby (~> 1.0)
      rack (> 1, < 3)
    sprockets-rails (3.2.1)
      actionpack (>= 4.0)
      activesupport (>= 4.0)
      sprockets (>= 3.0.0)
    thor (0.20.0)
    thread_safe (0.3.6)
    tilt (2.0.8)
    ttfunk (1.5.1)
    turbolinks (5.1.0)
      turbolinks-source (~> 5.1)
    turbolinks-source (5.1.0)
    tzinfo (1.2.5)
      thread_safe (~> 0.1)
    uglifier (4.1.6)
      execjs (>= 0.3.0, < 3)
    web-console (3.5.1)
      actionview (>= 5.0)
      activemodel (>= 5.0)
      bindex (>= 0.4.0)
      railties (>= 5.0)
    websocket-driver (0.7.0)
      websocket-extensions (>= 0.1.0)
    websocket-extensions (0.1.3)

PLATFORMS
  ruby

DEPENDENCIES
  bootsnap (>= 1.1.0)
  bootstrap (~> 4.0.0)
  byebug
  coffee-rails (~> 4.2)
  delayed_job_active_record
  isbn_extractor!
  jquery-rails
  listen (>= 3.0.5, < 3.2)
  mina
  mina-puma!
  octicons_helper
  pg (>= 0.18, < 2.0)
  pg_search
  pry
  puma (~> 3.11)
  rails (~> 5.2.0.rc1)
  sass-rails (~> 5.0)
  spring
  spring-watcher-listen (~> 2.0.0)
  turbolinks (~> 5)
  tzinfo-data
  uglifier (>= 1.3.0)
  web-console (>= 3.3.0)

BUNDLED WITH
   1.16.1
